GEM
  remote: https://rubygems.org/
  specs:
    activesupport (8.0.2.1)
      base64
      benchmark (>= 0.3)
      bigdecimal
      concurrent-ruby (~> 1.0, >= 1.3.1)
      connection_pool (>= 2.2.5)
      drb
      i18n (>= 1.6, < 2)
      logger (>= 1.4.2)
      minitest (>= 5.1)
      securerandom (>= 0.3)
      tzinfo (~> 2.0, >= 2.0.5)
      uri (>= 0.13.1)
    addressable (2.8.7)
      public_suffix (>= 2.0.2, < 7.0)
    ansi (1.5.0)
    ast (2.4.3)
    backtrace (0.4.1)
    base64 (0.3.0)
    baza.rb (0.10.2)
      backtrace (~> 0.4)
      elapsed (~> 0.2)
      faraday (~> 2.13)
      faraday-http-cache (~> 2.5)
      faraday-multipart (~> 1.1)
      faraday-retry (~> 2.3)
      iri (~> 0.11)
      loog (~> 0.6)
      retries (~> 0.0)
      tago (~> 0.2)
      typhoeus (~> 1.4)
    benchmark (0.4.1)
    bigdecimal (3.2.3)
    builder (3.3.0)
    concurrent-ruby (1.3.5)
    connection_pool (2.5.4)
    crack (1.0.0)
      bigdecimal
      rexml
    decoor (0.1.0)
    docile (1.4.1)
    drb (2.2.3)
    elapsed (0.2.0)
      loog (~> 0.6)
      tago (~> 0.1)
    ellipsized (0.3.0)
    ethon (0.17.0)
      ffi (>= 1.15.0)
    factbase (0.16.6)
      backtrace (~> 0.4)
      decoor (~> 0.1)
      ellipsized (~> 0.3)
      json (~> 2.7)
      logger (~> 1.0)
      loog (~> 0.6)
      nokogiri (~> 1.10)
      others (~> 0.1)
      tago (~> 0.1)
      yaml (~> 0.3)
    faraday (2.13.4)
      faraday-net_http (>= 2.0, < 3.5)
      json
      logger
    faraday-http-cache (2.5.1)
      faraday (>= 0.8)
    faraday-multipart (1.1.1)
      multipart-post (~> 2.0)
    faraday-net_http (3.4.1)
      net-http (>= 0.5.0)
    faraday-retry (2.3.2)
      faraday (~> 2.0)
    fbe (0.36.1)
      backtrace (~> 0.4)
      baza.rb (~> 0.9)
      decoor (~> 0.1)
      ellipsized (~> 0.3)
      factbase (~> 0.11)
      faraday (~> 2.0)
      faraday-http-cache (~> 2.5)
      faraday-multipart (~> 1.1)
      faraday-retry (~> 2.3)
      filesize (~> 0.2)
      graphql-client (~> 0.26)
      intercepted (~> 0.2)
      joined (~> 0.1)
      judges (~> 0.46)
      liquid (~> 5.5)
      loog (~> 0.6)
      obk (~> 0.3)
      octokit (~> 10.0)
      others (~> 0.1)
      sqlite3 (~> 2.6)
      tago (~> 0.1)
      verbose (~> 0.0)
    ffi (1.17.2-arm64-darwin)
    ffi (1.17.2-x64-mingw-ucrt)
    ffi (1.17.2-x86_64-linux-gnu)
    fiber-storage (1.0.1)
    filesize (0.2.0)
    gli (2.22.2)
      ostruct
    graphql (2.5.12)
      base64
      fiber-storage
      logger
    graphql-client (0.26.0)
      activesupport (>= 3.0)
      graphql (>= 1.13.0)
    hashdiff (1.2.1)
    i18n (1.14.7)
      concurrent-ruby (~> 1.0)
    intercepted (0.2.0)
    iri (0.11.2)
    joined (0.4.0)
    json (2.13.2)
    judges (0.53.8)
      backtrace (~> 0.4)
      baza.rb (~> 0.5)
      concurrent-ruby (~> 1.2)
      elapsed (~> 0.0)
      factbase (~> 0.11)
      gli (~> 2.21)
      iri (~> 0.11)
      loog (~> 0.6)
      moments (~> 0.3)
      nokogiri (~> 1.10)
      others (~> 0.0)
      retries (~> 0.0)
      tago (~> 0.1)
      timeout (~> 0.4)
      total (~> 0.4)
      typhoeus (~> 1.3)
    language_server-protocol (3.17.0.5)
    lint_roller (1.1.0)
    liquid (5.8.7)
      bigdecimal
      strscan (>= 3.1.1)
    logger (1.7.0)
    loog (0.6.1)
      logger (~> 1.0)
    minitest (5.25.5)
    minitest-reporters (1.7.1)
      ansi
      builder
      minitest (>= 5.0)
      ruby-progressbar
    moments (0.3.0)
    multipart-post (2.4.1)
    net-http (0.6.0)
      uri
    nokogiri (1.18.10-arm64-darwin)
      racc (~> 1.4)
    nokogiri (1.18.10-x64-mingw-ucrt)
      racc (~> 1.4)
    nokogiri (1.18.10-x86_64-linux-gnu)
      racc (~> 1.4)
    obk (0.3.2)
    octokit (10.0.0)
      faraday (>= 1, < 3)
      sawyer (~> 0.9)
    online (0.1.0)
      timeout (~> 0.4)
    os (1.1.4)
    ostruct (0.6.3)
    others (0.1.1)
    parallel (1.27.0)
    parser (3.3.9.0)
      ast (~> 2.4.1)
      racc
    prism (1.5.1)
    public_suffix (6.0.2)
    qbash (0.4.5)
      backtrace (> 0)
      elapsed (> 0)
      loog (> 0)
      tago (> 0)
    racc (1.8.1)
    rainbow (3.1.1)
    rake (13.3.0)
    regexp_parser (2.11.3)
    retries (0.0.5)
    rexml (3.4.4)
    rubocop (1.80.2)
      json (~> 2.3)
      language_server-protocol (~> 3.17.0.2)
      lint_roller (~> 1.1.0)
      parallel (~> 1.10)
      parser (>= 3.3.0.2)
      rainbow (>= 2.2.2, < 4.0)
      regexp_parser (>= 2.9.3, < 3.0)
      rubocop-ast (>= 1.46.0, < 2.0)
      ruby-progressbar (~> 1.7)
      unicode-display_width (>= 2.4.0, < 4.0)
    rubocop-ast (1.46.0)
      parser (>= 3.3.7.2)
      prism (~> 1.4)
    rubocop-minitest (0.38.2)
      lint_roller (~> 1.1)
      rubocop (>= 1.75.0, < 2.0)
      rubocop-ast (>= 1.38.0, < 2.0)
    rubocop-performance (1.26.0)
      lint_roller (~> 1.1)
      rubocop (>= 1.75.0, < 2.0)
      rubocop-ast (>= 1.44.0, < 2.0)
    rubocop-rake (0.7.1)
      lint_roller (~> 1.1)
      rubocop (>= 1.72.1)
    ruby-progressbar (1.13.0)
    sawyer (0.9.2)
      addressable (>= 2.3.5)
      faraday (>= 0.17.3, < 3)
    securerandom (0.4.1)
    simplecov (0.22.0)
      docile (~> 1.1)
      simplecov-html (~> 0.11)
      simplecov_json_formatter (~> 0.1)
    simplecov-cobertura (3.1.0)
      rexml
      simplecov (~> 0.19)
    simplecov-html (0.13.2)
    simplecov_json_formatter (0.1.4)
    sqlite3 (2.7.3-arm64-darwin)
    sqlite3 (2.7.3-x64-mingw-ucrt)
    sqlite3 (2.7.3-x86_64-linux-gnu)
    strscan (3.1.5)
    tago (0.2.0)
    timeout (0.4.3)
    total (0.4.1)
    typhoeus (1.4.1)
      ethon (>= 0.9.0)
    tzinfo (2.0.6)
      concurrent-ruby (~> 1.0)
    unicode-display_width (3.2.0)
      unicode-emoji (~> 4.1)
    unicode-emoji (4.1.0)
    uri (1.0.3)
    verbose (0.1.0)
      loog (~> 0.2)
      tago (~> 0.0)
    webmock (3.25.1)
      addressable (>= 2.8.0)
      crack (>= 0.3.2)
      hashdiff (>= 0.4.0, < 2.0.0)
    yaml (0.4.0)

PLATFORMS
  arm64-darwin-22
  arm64-darwin-23
  arm64-darwin-24
  x64-mingw-ucrt
  x86_64-linux

DEPENDENCIES
  base64 (~> 0.2)
  baza.rb (~> 0.9)
  decoor (~> 0.1)
  factbase (~> 0.15)
  fbe (~> 0.27)
  judges (~> 0.53)
  minitest (~> 5.25)
  minitest-reporters (~> 1.7)
  online (~> 0.0)
  os (~> 1.1)
  others (~> 0.1)
  qbash (~> 0.4)
  rake (~> 13.2)
  rubocop (~> 1.75)
  rubocop-minitest (~> 0.38)
  rubocop-performance (~> 1.25)
  rubocop-rake (~> 0.7)
  simplecov (~> 0.22)
  simplecov-cobertura (~> 3.0)
  webmock (~> 3.25)

BUNDLED WITH
   2.5.16
