GEM
  remote: https://rubygems.org/
  specs:
    addressable (2.8.6)
      public_suffix (>= 2.0.2, < 6.0)
    ast (2.4.2)
    backtrace (0.4.0)
    base64 (0.2.0)
    concurrent-ruby (1.2.3)
    ethon (0.16.0)
      ffi (>= 1.15.0)
    factbase (0.0.40)
      json (~> 2.7)
      loog (~> 0.2)
      nokogiri (~> 1.10)
      yaml (~> 0.3)
    faraday (2.9.0)
      faraday-net_http (>= 2.0, < 3.2)
    faraday-http-cache (2.5.1)
      faraday (>= 0.8)
    faraday-net_http (3.1.0)
      net-http
    faraday-retry (2.2.1)
      faraday (~> 2.0)
    ffi (1.16.3)
    gli (2.21.1)
    iri (0.8.0)
    json (2.7.2)
    judges (0.0.37)
      backtrace (~> 0.3)
      concurrent-ruby (= 1.2.3)
      factbase (~> 0.0.38)
      gli (~> 2.21)
      iri (~> 0.8)
      loog (~> 0.2)
      nokogiri (~> 1.10)
      typhoeus (~> 1.3)
    language_server-protocol (3.17.0.3)
    loog (0.5.1)
    minitest (5.23.1)
    net-http (0.4.1)
      uri
    nokogiri (1.16.5-arm64-darwin)
      racc (~> 1.4)
    nokogiri (1.16.5-x86_64-linux)
      racc (~> 1.4)
    obk (0.3.1)
    octokit (8.1.0)
      base64
      faraday (>= 1, < 3)
      sawyer (~> 0.9)
    parallel (1.24.0)
    parser (3.3.2.0)
      ast (~> 2.4.1)
      racc
    public_suffix (5.0.5)
    racc (1.8.0)
    rainbow (3.1.1)
    rake (13.2.1)
    regexp_parser (2.9.2)
    rexml (3.2.8)
      strscan (>= 3.0.9)
    rubocop (1.64.1)
      json (~> 2.3)
      language_server-protocol (>= 3.17.0)
      parallel (~> 1.10)
      parser (>= 3.3.0.2)
      rainbow (>= 2.2.2, < 4.0)
      regexp_parser (>= 1.8, < 3.0)
      rexml (>= 3.2.5, < 4.0)
      rubocop-ast (>= 1.31.1, < 2.0)
      ruby-progressbar (~> 1.7)
      unicode-display_width (>= 2.4.0, < 3.0)
    rubocop-ast (1.31.3)
      parser (>= 3.3.1.0)
    ruby-progressbar (1.13.0)
    sawyer (0.9.2)
      addressable (>= 2.3.5)
      faraday (>= 0.17.3, < 3)
    strscan (3.1.0)
    typhoeus (1.4.1)
      ethon (>= 0.9.0)
    unicode-display_width (2.5.0)
    uri (0.13.0)
    yaml (0.3.0)

PLATFORMS
  arm64-darwin-22
  x86_64-linux

DEPENDENCIES
  factbase (~> 0.0.40)
  faraday (= 2.9.0)
  faraday-http-cache (= 2.5.1)
  faraday-retry (= 2.2.1)
  judges (~> 0.0.37)
  minitest (= 5.23.1)
  obk (~> 0.3.1)
  octokit (~> 8.1.0)
  rake (= 13.2.1)
  rubocop (= 1.64.1)

BUNDLED WITH
   2.5.6
