GEM
  remote: https://rubygems.org/
  specs:
    addressable (2.8.7)
      public_suffix (>= 2.0.2, < 7.0)
    ast (2.4.2)
    backtrace (0.4.0)
    concurrent-ruby (1.3.3)
    decoor (0.0.1)
    ethon (0.16.0)
      ffi (>= 1.15.0)
    factbase (0.0.60)
      backtrace (~> 0.3)
      decoor (~> 0.0)
      json (~> 2.7)
      loog (~> 0.2)
      nokogiri (~> 1.10)
      others (~> 0.0)
      tago (~> 0.0)
      yaml (~> 0.3)
    faraday (2.9.2)
      faraday-net_http (>= 2.0, < 3.2)
    faraday-http-cache (2.5.1)
      faraday (>= 0.8)
    faraday-multipart (1.0.4)
      multipart-post (~> 2)
    faraday-net_http (3.1.0)
      net-http
    faraday-retry (2.2.1)
      faraday (~> 2.0)
    fbe (0.0.4)
      backtrace (~> 0.3)
      decoor (~> 0.0)
      factbase (~> 0.0)
      faraday (~> 2.9)
      faraday-http-cache (~> 2.5)
      faraday-multipart (~> 1.0)
      faraday-retry (~> 2.2)
      judges (~> 0.0)
      loog (~> 0.2)
      obk (~> 0.0)
      octokit (~> 9.1)
      others (~> 0.0)
      verbose (~> 0.0)
    ffi (1.17.0-arm64-darwin)
    ffi (1.17.0-x86_64-linux-gnu)
    gli (2.21.1)
    iri (0.8.0)
    json (2.7.2)
    judges (0.15.0)
      backtrace (~> 0.3)
      concurrent-ruby (~> 1.2)
      factbase (~> 0.0)
      gli (~> 2.21)
      iri (~> 0.8)
      loog (~> 0.2)
      moments (~> 0.3)
      nokogiri (~> 1.10)
      others (~> 0.0)
      retries (~> 0.0)
      tago (~> 0.0)
      typhoeus (~> 1.3)
    language_server-protocol (3.17.0.3)
    loog (0.5.2)
    minitest (5.24.1)
    moments (0.3.0)
    multipart-post (2.4.1)
    net-http (0.4.1)
      uri
    nokogiri (1.16.6-arm64-darwin)
      racc (~> 1.4)
    nokogiri (1.16.6-x86_64-linux)
      racc (~> 1.4)
    obk (0.3.1)
    octokit (9.1.0)
      faraday (>= 1, < 3)
      sawyer (~> 0.9)
    others (0.0.3)
    parallel (1.25.1)
    parser (3.3.3.0)
      ast (~> 2.4.1)
      racc
    public_suffix (6.0.0)
    racc (1.8.0)
    rainbow (3.1.1)
    rake (13.2.1)
    regexp_parser (2.9.2)
    retries (0.0.5)
    rexml (3.3.1)
      strscan
    rubocop (1.64.1)
      json (~> 2.3)
      language_server-protocol (>= 3.17.0)
      parallel (~> 1.10)
      parser (>= 3.3.0.2)
      rainbow (>= 2.2.2, < 4.0)
      regexp_parser (>= 1.8, < 3.0)
      rexml (>= 3.2.5, < 4.0)
      rubocop-ast (>= 1.31.1, < 2.0)
      ruby-progressbar (~> 1.7)
      unicode-display_width (>= 2.4.0, < 3.0)
    rubocop-ast (1.31.3)
      parser (>= 3.3.1.0)
    ruby-progressbar (1.13.0)
    sawyer (0.9.2)
      addressable (>= 2.3.5)
      faraday (>= 0.17.3, < 3)
    strscan (3.1.0)
    tago (0.0.2)
    typhoeus (1.4.1)
      ethon (>= 0.9.0)
    unicode-display_width (2.5.0)
    uri (0.13.0)
    verbose (0.0.2)
      loog (~> 0.2)
      tago (~> 0.0)
    yaml (0.3.0)

PLATFORMS
  arm64-darwin-22
  x86_64-linux

DEPENDENCIES
  decoor (~> 0.0)
  factbase (~> 0.0)
  fbe (~> 0.0)
  judges (~> 0.8)
  minitest (= 5.24.1)
  others (~> 0.0)
  rake (= 13.2.1)
  rubocop (= 1.64.1)

BUNDLED WITH
   2.5.6
